PATH
  remote: .
  specs:
    junit_timing_splitter (1.0.0)
      json (~> 2.1, >= 2.1.0)
      nokogiri (>= 1.15, < 2.0)
      thor (~> 1.0)
      zeitwerk (>= 2.4, < 3.0)

GEM
  remote: https://rubygems.org/
  specs:
    json (2.7.2)
    language_server-protocol (3.17.0.3)
    logger (1.6.1)
    minitest (5.25.2)
    nokogiri (1.16.7-aarch64-linux)
      racc (~> 1.4)
    nokogiri (1.16.7-arm-linux)
      racc (~> 1.4)
    nokogiri (1.16.7-arm64-darwin)
      racc (~> 1.4)
    nokogiri (1.16.7-x86-linux)
      racc (~> 1.4)
    nokogiri (1.16.7-x86_64-darwin)
      racc (~> 1.4)
    nokogiri (1.16.7-x86_64-linux)
      racc (~> 1.4)
    prism (1.2.0)
    racc (1.8.1)
    rbs (3.6.1)
      logger
    ruby-lsp (0.22.0)
      language_server-protocol (~> 3.17.0)
      prism (>= 1.2, < 2.0)
      rbs (>= 3, < 4)
      sorbet-runtime (>= 0.5.10782)
    sorbet-runtime (0.5.11647)
    thor (1.3.2)
    zeitwerk (2.7.1)

PLATFORMS
  aarch64-linux
  arm-linux
  arm64-darwin
  x86-linux
  x86_64-darwin
  x86_64-linux

DEPENDENCIES
  json
  junit_timing_splitter!
  minitest
  nokogiri
  ruby-lsp
  thor
  zeitwerk

RUBY VERSION
   ruby 3.3.6p108

BUNDLED WITH
   2.5.22
